GEM
  remote: https://rubygems.org/
  specs:
    aws-sdk (2.10.24)
      aws-sdk-resources (= 2.10.24)
    aws-sdk-core (2.10.24)
      aws-sigv4 (~> 1.0)
      jmespath (~> 1.0)
    aws-sdk-resources (2.10.24)
      aws-sdk-core (= 2.10.24)
    aws-sigv4 (1.0.1)
    jmespath (1.3.1)
    rack (1.6.8)
    rack-protection (1.5.5)
      rack
    sinatra (1.4.8)
      rack (~> 1.5)
      rack-protection (~> 1.4)
      tilt (>= 1.3, < 3)
    thor (0.19.4)
    tilt (2.0.8)

PLATFORMS
  ruby

DEPENDENCIES
  aws-sdk
  sinatra (~> 1.4.8)
  thor

BUNDLED WITH
   1.15.3
